GEM
  remote: https://rubygems.org/
  specs:
    sass (3.4.21)

PLATFORMS
  ruby

DEPENDENCIES
  sass (~> 3.4)

BUNDLED WITH
   1.11.2
